GEM
  remote: https://rubygems.org/
  specs:
    backports (2.7.1)
    eventmachine (1.0.0)
    fspath (2.0.4)
    httparty (0.10.0)
      multi_json (~> 1.0)
      multi_xml
    image_optim (0.7.2)
      fspath (~> 2.0.3)
      image_size (~> 1.1)
      in_threads (~> 1.1.1)
      progress (~> 2.4.0)
    image_size (1.1.1)
    in_threads (1.1.1)
    multi_json (1.5.0)
    multi_xml (0.5.2)
    progress (2.4.0)
    rack (1.5.0)
    rack-protection (1.3.2)
      rack
    rack-test (0.6.2)
      rack (>= 1.0)
    sinatra (1.3.3)
      rack (~> 1.3, >= 1.3.6)
      rack-protection (~> 1.2)
      tilt (~> 1.3, >= 1.3.3)
    sinatra-contrib (1.3.2)
      backports (>= 2.0)
      eventmachine
      rack-protection
      rack-test
      sinatra (~> 1.3.0)
      tilt (~> 1.3)
    tilt (1.3.3)

PLATFORMS
  ruby

DEPENDENCIES
  httparty
  image_optim
  sinatra
  sinatra-contrib
